PATH
  remote: .
  specs:
    gapic-info-scoop (0.1.0)

GEM
  remote: https://rubygems.org/
  specs:
    coderay (1.1.3)
    google-protobuf (3.19.4-x86_64-linux)
    method_source (1.0.0)
    minitest (5.15.0)
    pry (0.14.1)
      coderay (~> 1.1)
      method_source (~> 1.0)
    rake (12.3.3)
    sqlite3 (1.4.2)

PLATFORMS
  x86_64-linux

DEPENDENCIES
  gapic-info-scoop!
  google-protobuf
  minitest (~> 5.0)
  pry
  rake (~> 12.0)
  sqlite3

BUNDLED WITH
   2.2.32
